GIT
  remote: https://github.com/taavo/LicenseFinder.git
  revision: 1b1676abe69899f3f9d54f14cbdc7bf4c6ed1c27
  specs:
    license_finder (1.1.1)
      bundler
      httparty
      sequel
      sqlite3
      thor
      xml-simple

GEM
  remote: https://rubygems.org/
  specs:
    bigdecimal (3.1.4)
    httparty (0.21.0)
      mini_mime (>= 1.0.0)
      multi_xml (>= 0.5.2)
    mini_mime (1.1.5)
    mini_portile2 (2.8.5)
    multi_xml (0.6.0)
    rexml (3.2.6)
    sequel (5.74.0)
      bigdecimal
    sqlite3 (1.6.8)
      mini_portile2 (~> 2.8.0)
    thor (1.3.0)
    xml-simple (1.1.9)
      rexml

PLATFORMS
  ruby

DEPENDENCIES
  license_finder!
